GEM
  remote: https://rubygems.org/
  specs:
    dimples (1.3.0)
      tilt (~> 2.0)
    erubis (2.7.0)
    mongoose (0.2.5)
    oj (2.12.1)
    redcarpet (3.2.2)
    redis (3.2.1)
    tilt (2.0.1)

PLATFORMS
  ruby

DEPENDENCIES
  dimples
  erubis
  mongoose
  oj
  redcarpet
  redis
  tilt

BUNDLED WITH
   1.10.6
